PATH
  remote: .
  specs:
    veyor (0.1.2)
      faraday (~> 0.10.1)
      faraday_middleware (~> 0.10.1)
      multi_json (~> 1.12, >= 1.12.1)
      thor (~> 0.19.4)

GEM
  remote: https://rubygems.org/
  specs:
    codecov (0.1.9)
      json
      simplecov
      url
    docile (1.1.5)
    faraday (0.10.1)
      multipart-post (>= 1.2, < 3)
    faraday_middleware (0.10.1)
      faraday (>= 0.7.4, < 1.0)
    json (2.0.2)
    multi_json (1.12.1)
    multipart-post (2.0.0)
    power_assert (0.4.1)
    rake (12.0.0)
    simplecov (0.12.0)
      docile (~> 1.1.0)
      json (>= 1.8, < 3)
      simplecov-html (~> 0.10.0)
    simplecov-html (0.10.0)
    test-unit (3.2.3)
      power_assert
    thor (0.19.4)
    url (0.3.2)

PLATFORMS
  ruby

DEPENDENCIES
  bundler (~> 1.13, >= 1.13.7)
  codecov (~> 0.1.9)
  rake (~> 12.0)
  simplecov (~> 0.12.0)
  test-unit (~> 3.2, >= 3.2.3)
  veyor!

BUNDLED WITH
   1.13.7
