PATH
  remote: .
  specs:
    veyor (0.1.3.9410)
      faraday (~> 0.15.2)
      faraday_middleware (~> 0.12.2)
      multi_json (~> 1.13, >= 1.13.1)
      thor (~> 0.20.0)

GEM
  remote: https://rubygems.org/
  specs:
    codecov (0.1.10)
      json
      simplecov
      url
    docile (1.3.1)
    faraday (0.15.2)
      multipart-post (>= 1.2, < 3)
    faraday_middleware (0.12.2)
      faraday (>= 0.7.4, < 1.0)
    json (2.1.0)
    multi_json (1.13.1)
    multipart-post (2.0.0)
    power_assert (1.1.3)
    rake (12.3.1)
    simplecov (0.16.1)
      docile (~> 1.1)
      json (>= 1.8, < 3)
      simplecov-html (~> 0.10.0)
    simplecov-html (0.10.2)
    test-unit (3.2.8)
      power_assert
    thor (0.20.0)
    url (0.3.2)

PLATFORMS
  ruby

DEPENDENCIES
  bundler (~> 1.16, >= 1.16.3)
  codecov (~> 0.1.10)
  rake (~> 12.3, >= 12.3.1)
  simplecov (~> 0.16.1)
  test-unit (~> 3.2, >= 3.2.8)
  veyor!

BUNDLED WITH
   1.16.3
