PATH
  remote: .
  specs:
    veyor (0.1.1.9800)
      faraday (~> 0.9.2)
      faraday_middleware (~> 0.10.0)
      multi_json (~> 1.12, >= 1.12.1)
      thor (~> 0.19.1)

GEM
  remote: https://rubygems.org/
  specs:
    codecov (0.1.5)
      json
      simplecov
      url
    docile (1.1.5)
    faraday (0.9.2)
      multipart-post (>= 1.2, < 3)
    faraday_middleware (0.10.0)
      faraday (>= 0.7.4, < 0.10)
    json (1.8.3)
    multi_json (1.12.1)
    multipart-post (2.0.0)
    power_assert (0.3.0)
    rake (11.2.2)
    simplecov (0.11.2)
      docile (~> 1.1.0)
      json (~> 1.8)
      simplecov-html (~> 0.10.0)
    simplecov-html (0.10.0)
    test-unit (3.2.0)
      power_assert
    thor (0.19.1)
    url (0.3.2)

PLATFORMS
  ruby

DEPENDENCIES
  bundler (~> 1.12, >= 1.12.5)
  codecov (~> 0.1.5)
  rake (~> 11.1, >= 11.1.2)
  simplecov (~> 0.11.2)
  test-unit (~> 3.1, >= 3.1.9)
  veyor!

BUNDLED WITH
   1.12.5
