PATH
  remote: .
  specs:
    veyor (0.0.2.9000)
      faraday (~> 0.9.1)
      faraday_middleware (~> 0.10.0)
      multi_json (~> 1.0)
      thor (~> 0.19)

GEM
  remote: https://rubygems.org/
  specs:
    codecov (0.1.4)
      json
      simplecov
      url
    docile (1.1.5)
    faraday (0.9.2)
      multipart-post (>= 1.2, < 3)
    faraday_middleware (0.10.0)
      faraday (>= 0.7.4, < 0.10)
    json (1.8.3)
    multi_json (1.12.1)
    multipart-post (2.0.0)
    power_assert (0.2.7)
    rake (10.5.0)
    simplecov (0.11.2)
      docile (~> 1.1.0)
      json (~> 1.8)
      simplecov-html (~> 0.10.0)
    simplecov-html (0.10.0)
    test-unit (3.1.7)
      power_assert
    thor (0.19.1)
    url (0.3.2)

PLATFORMS
  ruby

DEPENDENCIES
  bundler (~> 1.6)
  codecov (~> 0.1)
  json (~> 1.8, >= 1.8.3)
  rake (~> 10.4)
  simplecov (~> 0.10)
  test-unit (~> 3.1)
  veyor!

BUNDLED WITH
   1.12.5
